GEM
  remote: https://rubygems.org/
  specs:
    amq-protocol (2.1.0)
    bunny (2.6.3)
      amq-protocol (>= 2.0.1)

PLATFORMS
  ruby

DEPENDENCIES
  bunny (>= 2.6.0)

BUNDLED WITH
   1.13.3
